GEM
  remote: https://rubygems.org/
  specs:
    influxdb (0.8.0)

PLATFORMS
  ruby

DEPENDENCIES
  influxdb

BUNDLED WITH
   2.1.4
